GIT
  remote: https://github.com/mose/icalendar.git
  revision: 0da2c2c76a79e5382fffdc49678c29e5ad7ce687
  specs:
    icalendar (1.2)

GEM
  remote: https://rubygems.org/
  specs:
    awesome_print (1.1.0)
    coderay (1.0.9)
    daemons (1.1.9)
    method_source (0.8.1)
    minitest (4.7.3)
    minitest-ci (2.4.0)
      minitest (>= 3.0, < 5.0)
    multi_json (1.7.2)
    pry (0.9.12.1)
      coderay (~> 1.0.5)
      method_source (~> 0.8)
      slop (~> 3.4)
    rake (10.0.4)
    simplecov (0.7.1)
      multi_json (~> 1.0)
      simplecov-html (~> 0.7.1)
    simplecov-html (0.7.1)
    simplecov-rcov (0.2.3)
      simplecov (>= 0.4.1)
    slop (3.4.4)

PLATFORMS
  ruby

DEPENDENCIES
  awesome_print
  daemons
  icalendar!
  minitest
  minitest-ci
  pry
  rake
  simplecov
  simplecov-rcov
